GEM
  remote: https://rubygems.org/
  specs:
    coderay (1.1.0)
    daemons (1.1.9)
    eventmachine (1.0.3)
    method_source (0.8.2)
    mini_portile (0.5.2)
    multi_json (1.8.4)
    nokogiri (1.6.1)
      mini_portile (~> 0.5.0)
    oj (2.5.4)
    pry (0.9.12.4)
      coderay (~> 1.0)
      method_source (~> 0.8)
      slop (~> 3.4)
    rack (1.5.2)
    rack-cors (0.2.9)
    rack-rewrite (1.5.0)
    slop (3.4.7)
    thin (1.5.0)
      daemons (>= 1.0.9)
      eventmachine (>= 0.12.6)
      rack (>= 1.0.0)

PLATFORMS
  ruby

DEPENDENCIES
  multi_json
  nokogiri
  oj
  pry
  rack
  rack-cors
  rack-rewrite
  thin
