GEM
  remote: https://rubygems.org/
  specs:
    coderay (1.1.0)
    method_source (0.8.2)
    multi_json (1.8.2)
    oj (2.5.3)
    pry (0.9.12.4)
      coderay (~> 1.0)
      method_source (~> 0.8)
      slop (~> 3.4)
    slop (3.4.7)

PLATFORMS
  ruby

DEPENDENCIES
  multi_json
  oj
  pry
